GEM
  remote: http://rubygems.org/
  specs:
    activesupport (3.0.6)
    flickraw (0.8.4)
      json (>= 1.1.1)
    i18n (0.5.0)
    json (1.5.1)
    nokogiri (1.4.4)
    rack (1.2.2)
    sinatra (1.2.2)
      rack (~> 1.1)
      tilt (< 2.0, >= 1.2.2)
    tilt (1.2.2)
    yahoo-weather (1.2.0)
      nokogiri (>= 1.4.1)

PLATFORMS
  ruby

DEPENDENCIES
  activesupport
  flickraw
  i18n
  json
  nokogiri
  sinatra
  yahoo-weather
