GEM
  remote: http://rubygems.org/
  specs:
    activesupport (3.0.6)
    i18n (0.5.0)
    json (1.5.1)
    rack (1.2.2)
    sinatra (1.2.2)
      rack (~> 1.1)
      tilt (< 2.0, >= 1.2.2)
    tilt (1.2.2)

PLATFORMS
  ruby

DEPENDENCIES
  activesupport
  i18n
  json
  sinatra
